GEM
  remote: https://rubygems.org/
  specs:
    emery (0.0.7)
      json
    json (2.5.1)
    power_assert (2.0.0)
    test-unit (3.4.0)
      power_assert
    test-unit-runner-junitxml (0.1.1)
      test-unit

PLATFORMS
  ruby

DEPENDENCIES
  emery (= 0.0.7)
  test-unit-runner-junitxml (= 0.1.1)

BUNDLED WITH
   1.17.2
